GEM
  remote: https://rubygems.org/
  specs:
    addressable (2.5.0)
      public_suffix (~> 2.0, >= 2.0.2)
    capybara (2.10.1)
      addressable
      mime-types (>= 1.16)
      nokogiri (>= 1.3.3)
      rack (>= 1.0.0)
      rack-test (>= 0.5.4)
      xpath (~> 2.0)
    capybara-webkit (1.1.0)
      capybara (~> 2.0, >= 2.0.2)
      json
    capybara_minitest_spec (1.0.5)
      capybara (>= 2)
      minitest (>= 4)
    coderay (1.1.1)
    ffi (1.9.14)
    formatador (0.2.5)
    guard (2.14.0)
      formatador (>= 0.2.4)
      listen (>= 2.7, < 4.0)
      lumberjack (~> 1.0)
      nenv (~> 0.1)
      notiffany (~> 0.0)
      pry (>= 0.9.12)
      shellany (~> 0.0)
      thor (>= 0.18.1)
    guard-compat (1.2.1)
    guard-minitest (2.4.6)
      guard-compat (~> 1.2)
      minitest (>= 3.0)
    json (2.0.2)
    listen (3.1.5)
      rb-fsevent (~> 0.9, >= 0.9.4)
      rb-inotify (~> 0.9, >= 0.9.7)
      ruby_dep (~> 1.2)
    lumberjack (1.0.10)
    method_source (0.8.2)
    mime-types (3.1)
      mime-types-data (~> 3.2015)
    mime-types-data (3.2016.0521)
    mini_portile2 (2.1.0)
    minitest (5.9.1)
    nenv (0.3.0)
    nokogiri (1.6.8.1)
      mini_portile2 (~> 2.1.0)
    notiffany (0.1.1)
      nenv (~> 0.1)
      shellany (~> 0.0)
    pry (0.10.4)
      coderay (~> 1.1.0)
      method_source (~> 0.8.1)
      slop (~> 3.4)
    public_suffix (2.0.4)
    rack (1.6.5)
    rack-protection (1.5.3)
      rack
    rack-test (0.6.3)
      rack (>= 1.0)
    rake (10.4.2)
    rb-fsevent (0.9.8)
    rb-inotify (0.9.7)
      ffi (>= 0.5.0)
    ruby_dep (1.5.0)
    shellany (0.0.1)
    sinatra (1.4.7)
      rack (~> 1.5)
      rack-protection (~> 1.4)
      tilt (>= 1.3, < 3)
    slop (3.6.0)
    thor (0.19.1)
    tilt (2.0.5)
    xpath (2.0.0)
      nokogiri (~> 1.3)

PLATFORMS
  ruby

DEPENDENCIES
  capybara
  capybara-webkit
  capybara_minitest_spec
  guard
  guard-minitest
  minitest
  pry
  rack-test
  rake
  sinatra

BUNDLED WITH
   1.13.6
